GEM
  remote: https://rubygems.org/
  specs:
    actionpack (4.1.0.rc1)
      actionview (= 4.1.0.rc1)
      activesupport (= 4.1.0.rc1)
      rack (~> 1.5.2)
      rack-test (~> 0.6.2)
    actionview (4.1.0.rc1)
      activesupport (= 4.1.0.rc1)
      builder (~> 3.1)
      erubis (~> 2.7.0)
    activesupport (4.1.0.rc1)
      i18n (~> 0.6, >= 0.6.9)
      json (~> 1.7, >= 1.7.7)
      minitest (~> 5.1)
      thread_safe (~> 0.1)
      tzinfo (~> 1.1)
    addressable (2.3.5)
    atomic (1.1.14)
    builder (3.2.2)
    chunky_png (1.2.9)
    compass (0.12.2)
      chunky_png (~> 1.2)
      fssm (>= 0.2.7)
      sass (~> 3.1)
    erubis (2.7.0)
    fssm (0.2.10)
    i18n (0.6.9)
    json (1.8.1)
    launchy (2.3.0)
      addressable (~> 2.3)
    minitest (5.2.3)
    rack (1.5.2)
    rack-test (0.6.2)
      rack (>= 1.0)
    sass (3.2.12)
    thread_safe (0.1.3)
      atomic
    tzinfo (1.1.0)
      thread_safe (~> 0.1)

PLATFORMS
  ruby

DEPENDENCIES
  actionpack (= 4.1.0.rc1)
  activesupport (= 4.1.0.rc1)
  compass
  launchy
